GEM
  remote: http://rubygems.org/
  specs:
    callsite (0.0.4)
    optitron (0.2.2)
      callsite (~> 0.0.4)
      ruby2ruby (~> 1.2.4)
      ruby_parser (~> 2.0)
      sexp_processor (~> 3.0.4)
    redgreen (1.2.2)
    ruby2ruby (1.2.5)
      ruby_parser (~> 2.0)
      sexp_processor (~> 3.0)
    ruby_parser (2.0.5)
      sexp_processor (~> 3.0)
    sexp_processor (3.0.5)
    thoughtbot-shoulda (2.11.1)

PLATFORMS
  ruby

DEPENDENCIES
  optitron
  redgreen
  thoughtbot-shoulda
